GEM
  remote: http://rubygems.org/
  specs:
    ZenTest (4.4.2)
    actionpack (2.3.10)
      activesupport (= 2.3.10)
      rack (~> 1.1.0)
    activesupport (2.3.10)
    autotest (4.4.6)
      ZenTest (>= 4.4.1)
    bson (1.2.0)
    bson_ext (1.2.0)
    configatron (2.6.4)
      yamler (>= 0.1.0)
    diff-lcs (1.1.2)
    git (1.2.5)
    jeweler (1.5.2)
      bundler (~> 1.0.0)
      git (>= 1.2.5)
      rake
    jnunemaker-validatable (1.8.4)
      activesupport (>= 2.3.4)
    mongo (1.2.0)
      bson (>= 1.2.0)
    plucky (0.3.7)
      mongo (~> 1.1)
    rack (1.1.0)
    rake (0.8.7)
    rcov (0.9.9)
    rspec (2.4.0)
      rspec-core (~> 2.4.0)
      rspec-expectations (~> 2.4.0)
      rspec-mocks (~> 2.4.0)
    rspec-core (2.4.0)
    rspec-expectations (2.4.0)
      diff-lcs (~> 1.1.2)
    rspec-mocks (2.4.0)
    ssherman-mongo_mapper (0.8.6)
      activesupport (>= 2.3.4)
      jnunemaker-validatable (~> 1.8.4)
      plucky (~> 0.3.6)
    yamler (0.1.0)

PLATFORMS
  ruby

DEPENDENCIES
  actionpack (~> 2.3.0)
  autotest
  bson (= 1.2.0)
  bson_ext (= 1.2.0)
  bundler (~> 1.0.0)
  configatron
  jeweler (~> 1.5.0)
  mongo (= 1.2.0)
  rcov
  rspec (>= 2.0.0)
  ssherman-mongo_mapper (= 0.8.6)
